GEM
  remote: https://rubygems.org/
  specs:
    addressable (2.5.1)
      public_suffix (~> 2.0, >= 2.0.2)
    json-schema (2.8.0)
      addressable (>= 2.4)
    mustermann (1.0.0)
    public_suffix (2.0.5)
    rack (2.1.4)
    rack-protection (2.0.0)
      rack
    rouge (2.0.7)
    sinatra (2.0.0)
      mustermann (~> 1.0)
      rack (~> 2.0)
      rack-protection (= 2.0.0)
      tilt (~> 2.0)
    tilt (2.0.7)

PLATFORMS
  ruby

DEPENDENCIES
  json-schema
  rouge
  sinatra

RUBY VERSION
   ruby 2.2.2p95

BUNDLED WITH
   1.12.5
