GEM
  remote: https://rubygems.org/
  specs:
    addressable (2.8.0)
      public_suffix (>= 2.0.2, < 5.0)
    json-schema (2.8.0)
      addressable (>= 2.4)
    mustermann (1.1.1)
      ruby2_keywords (~> 0.0.1)
    public_suffix (3.1.1)
    rack (2.2.6.3)
    rack-protection (2.2.0)
      rack
    rouge (2.0.7)
    ruby2_keywords (0.0.5)
    sinatra (2.2.0)
      mustermann (~> 1.0)
      rack (~> 2.2)
      rack-protection (= 2.2.0)
      tilt (~> 2.0)
    tilt (2.0.10)

PLATFORMS
  ruby

DEPENDENCIES
  json-schema
  rouge
  sinatra

RUBY VERSION
   ruby 2.6.8p205

BUNDLED WITH
   1.17.3
